GEM
  remote: https://rubygems.org/
  specs:
    concurrent-ruby (1.3.5)
    connection_pool (2.5.3)
    nio4r (2.7.4)
    puma (6.6.0)
      nio4r (~> 2.0)
    rack (3.1.16)
    rackup (2.2.1)
      rack (>= 3)
    redis (5.4.1)
      redis-client (>= 0.22.0)
    redis-client (0.25.1)
      connection_pool

PLATFORMS
  ruby
  x86_64-darwin-24

DEPENDENCIES
  concurrent-ruby
  connection_pool
  puma
  rack
  rackup
  redis

RUBY VERSION
   ruby 3.4.4p34

BUNDLED WITH
   2.6.9
