GEM
  remote: https://rubygems.org/
  specs:
    rack (3.1.16)
    rackup (2.2.1)
      rack (>= 3)
    webrick (1.9.1)

PLATFORMS
  ruby
  x86_64-darwin-24

DEPENDENCIES
  rack
  rackup
  webrick

RUBY VERSION
   ruby 3.4.4p34

BUNDLED WITH
   2.6.9
